GEM
  remote: https://rubygems.org/
  specs:
    ffi (1.16.3)
    jekyll-watch (2.2.1)
      listen (~> 3.0)
    listen (3.9.0)
      rb-fsevent (~> 0.10, >= 0.10.3)
      rb-inotify (~> 0.9, >= 0.9.10)
    rb-fsevent (0.11.2)
    rb-inotify (0.10.1)
      ffi (~> 1.0)
    webrick (1.8.1)

PLATFORMS
  x86_64-linux

DEPENDENCIES
  jekyll-watch
  webrick

BUNDLED WITH
   2.4.19
